GEM
  remote: https://rubygems.org/
  specs:
    actioncable (6.0.1)
      actionpack (= 6.0.1)
      nio4r (~> 2.0)
      websocket-driver (>= 0.6.1)
    actionmailbox (6.0.1)
      actionpack (= 6.0.1)
      activejob (= 6.0.1)
      activerecord (= 6.0.1)
      activestorage (= 6.0.1)
      activesupport (= 6.0.1)
      mail (>= 2.7.1)
    actionmailer (6.0.1)
      actionpack (= 6.0.1)
      actionview (= 6.0.1)
      activejob (= 6.0.1)
      mail (~> 2.5, >= 2.5.4)
      rails-dom-testing (~> 2.0)
    actionpack (6.0.1)
      actionview (= 6.0.1)
      activesupport (= 6.0.1)
      rack (~> 2.0)
      rack-test (>= 0.6.3)
      rails-dom-testing (~> 2.0)
      rails-html-sanitizer (~> 1.0, >= 1.2.0)
    actiontext (6.0.1)
      actionpack (= 6.0.1)
      activerecord (= 6.0.1)
      activestorage (= 6.0.1)
      activesupport (= 6.0.1)
      nokogiri (>= 1.8.5)
    actionview (6.0.1)
      activesupport (= 6.0.1)
      builder (~> 3.1)
      erubi (~> 1.4)
      rails-dom-testing (~> 2.0)
      rails-html-sanitizer (~> 1.1, >= 1.2.0)
    activejob (6.0.1)
      activesupport (= 6.0.1)
      globalid (>= 0.3.6)
    activemodel (6.0.1)
      activesupport (= 6.0.1)
    activerecord (6.0.1)
      activemodel (= 6.0.1)
      activesupport (= 6.0.1)
    activestorage (6.0.1)
      actionpack (= 6.0.1)
      activejob (= 6.0.1)
      activerecord (= 6.0.1)
      marcel (~> 0.3.1)
    activesupport (6.0.1)
      concurrent-ruby (~> 1.0, >= 1.0.2)
      i18n (>= 0.7, < 2)
      minitest (~> 5.1)
      tzinfo (~> 1.1)
      zeitwerk (~> 2.2)
    addressable (2.4.0)
    backports (3.15.0)
    bootsnap (1.4.5)
      msgpack (~> 1.0)
    builder (3.2.3)
    byebug (11.0.1)
    concurrent-ruby (1.1.5)
    connection_pool (2.2.2)
    crass (1.0.5)
    diff-lcs (1.3)
    erubi (1.9.0)
    ethon (0.12.0)
      ffi (>= 1.3.0)
    faraday (0.17.0)
      multipart-post (>= 1.2, < 3)
    faraday_middleware (0.13.1)
      faraday (>= 0.7.4, < 1.0)
    ffi (1.11.3)
    gh (0.15.1)
      addressable (~> 2.4.0)
      backports
      faraday (~> 0.8)
      multi_json (~> 1.0)
      net-http-persistent (~> 2.9)
      net-http-pipeline
    globalid (0.4.2)
      activesupport (>= 4.2.0)
    highline (1.7.10)
    i18n (1.7.0)
      concurrent-ruby (~> 1.0)
    json (2.1.0)
    json-schema (2.8.1)
      addressable (>= 2.4)
    launchy (2.4.3)
      addressable (~> 2.3)
    listen (3.1.5)
      rb-fsevent (~> 0.9, >= 0.9.4)
      rb-inotify (~> 0.9, >= 0.9.7)
      ruby_dep (~> 1.2)
    loofah (2.4.0)
      crass (~> 1.0.2)
      nokogiri (>= 1.5.9)
    mail (2.7.1)
      mini_mime (>= 0.1.1)
    marcel (0.3.3)
      mimemagic (~> 0.3.2)
    method_source (0.9.2)
    mimemagic (0.3.10)
      nokogiri (~> 1)
      rake
    mini_mime (1.0.2)
    mini_portile2 (2.8.0)
    minitest (5.13.0)
    msgpack (1.3.1)
    multi_json (1.14.1)
    multipart-post (2.1.1)
    net-http-persistent (2.9.4)
    net-http-pipeline (1.0.1)
    nio4r (2.5.2)
    nokogiri (1.13.3)
      mini_portile2 (~> 2.8.0)
      racc (~> 1.4)
    pg (1.1.4)
    puma (4.3.0)
      nio4r (~> 2.0)
    pundit (2.1.0)
      activesupport (>= 3.0.0)
    pusher-client (0.6.2)
      json
      websocket (~> 1.0)
    racc (1.6.0)
    rack (2.0.7)
    rack-protection (2.0.7)
      rack
    rack-test (1.1.0)
      rack (>= 1.0, < 3)
    rails (6.0.1)
      actioncable (= 6.0.1)
      actionmailbox (= 6.0.1)
      actionmailer (= 6.0.1)
      actionpack (= 6.0.1)
      actiontext (= 6.0.1)
      actionview (= 6.0.1)
      activejob (= 6.0.1)
      activemodel (= 6.0.1)
      activerecord (= 6.0.1)
      activestorage (= 6.0.1)
      activesupport (= 6.0.1)
      bundler (>= 1.3.0)
      railties (= 6.0.1)
      sprockets-rails (>= 2.0.0)
    rails-dom-testing (2.0.3)
      activesupport (>= 4.2.0)
      nokogiri (>= 1.6)
    rails-html-sanitizer (1.3.0)
      loofah (~> 2.3)
    railties (6.0.1)
      actionpack (= 6.0.1)
      activesupport (= 6.0.1)
      method_source
      rake (>= 0.8.7)
      thor (>= 0.20.3, < 2.0)
    rake (13.0.1)
    rb-fsevent (0.10.3)
    rb-inotify (0.10.0)
      ffi (~> 1.0)
    redis (4.1.3)
    rspec-core (3.9.0)
      rspec-support (~> 3.9.0)
    rspec-expectations (3.9.0)
      diff-lcs (>= 1.2.0, < 2.0)
      rspec-support (~> 3.9.0)
    rspec-mocks (3.9.0)
      diff-lcs (>= 1.2.0, < 2.0)
      rspec-support (~> 3.9.0)
    rspec-rails (3.9.0)
      actionpack (>= 3.0)
      activesupport (>= 3.0)
      railties (>= 3.0)
      rspec-core (~> 3.9.0)
      rspec-expectations (~> 3.9.0)
      rspec-mocks (~> 3.9.0)
      rspec-support (~> 3.9.0)
    rspec-support (3.9.0)
    rswag (2.2.0)
      rswag-api (= 2.2.0)
      rswag-specs (= 2.2.0)
      rswag-ui (= 2.2.0)
    rswag-api (2.2.0)
      railties (>= 3.1, < 6.1)
    rswag-specs (2.2.0)
      activesupport (>= 3.1, < 6.1)
      json-schema (~> 2.2)
      railties (>= 3.1, < 6.1)
    rswag-ui (2.2.0)
      actionpack (>= 3.1, < 6.1)
      railties (>= 3.1, < 6.1)
    ruby_dep (1.5.0)
    sidekiq (6.0.3)
      connection_pool (>= 2.2.2)
      rack (>= 2.0.0)
      rack-protection (>= 2.0.0)
      redis (>= 4.1.0)
    spring (2.1.0)
    spring-watcher-listen (2.0.1)
      listen (>= 2.7, < 4.0)
      spring (>= 1.2, < 3.0)
    sprockets (4.0.0)
      concurrent-ruby (~> 1.0)
      rack (> 1, < 3)
    sprockets-rails (3.2.1)
      actionpack (>= 4.0)
      activesupport (>= 4.0)
      sprockets (>= 3.0.0)
    thor (0.20.3)
    thread_safe (0.3.6)
    travis (1.8.10)
      backports
      faraday (~> 0.9)
      faraday_middleware (~> 0.9, >= 0.9.1)
      gh (~> 0.13)
      highline (~> 1.6)
      launchy (~> 2.1)
      pusher-client (~> 0.4)
      typhoeus (~> 0.6, >= 0.6.8)
    typhoeus (0.8.0)
      ethon (>= 0.8.0)
    tzinfo (1.2.5)
      thread_safe (~> 0.1)
    websocket (1.2.8)
    websocket-driver (0.7.1)
      websocket-extensions (>= 0.1.0)
    websocket-extensions (0.1.4)
    zeitwerk (2.2.1)

PLATFORMS
  ruby

DEPENDENCIES
  bootsnap (>= 1.4.2)
  byebug
  listen (>= 3.0.5, < 3.2)
  pg (>= 0.18, < 2.0)
  puma (~> 4.1)
  pundit
  rails (~> 6.0.1)
  rspec-rails (~> 3.9.0)
  rswag
  sidekiq
  spring
  spring-watcher-listen (~> 2.0.0)
  travis
  tzinfo-data

RUBY VERSION
   ruby 2.6.5p114

BUNDLED WITH
   1.17.2
